GEM
  remote: http://rubygems.org/
  specs:
    ashton (0.0.1alpha)
      opengl (~> 0.8.0.pre1)
    chingu (0.9rc8)
      gosu (>= 0.7.43)
      gosu (>= 0.7.43)
    chipmunk (5.3.4.5)
    clipboard (0.9.9)
    ffi (1.0.11)
    fidgit (0.2.4)
      chingu (~> 0.9rc7)
      clipboard (~> 0.9.9)
      ffi (~> 1.0.11)
      gosu (~> 0.7.41)
    gosu (0.7.43)
    opengl (0.8.0)

PLATFORMS
  ruby

DEPENDENCIES
  ashton
  chingu
  chipmunk
  fidgit
